GEM
  remote: http://rubygems.org/
  specs:
    activesupport (3.2.2)
      i18n (~> 0.6)
      multi_json (~> 1.0)
    git (1.2.5)
    i18n (0.6.0)
    jeweler (1.8.3)
      bundler (~> 1.0)
      git (>= 1.2.5)
      rake
      rdoc
    json (1.6.5)
    metaclass (0.0.1)
    mocha (0.10.5)
      metaclass (~> 0.0.1)
    multi_json (1.1.0)
    nokogiri (1.5.2)
    rake (0.9.2.2)
    rdoc (3.12)
      json (~> 1.4)
    shoulda-context (1.0.0)
    yard (0.7.5)

PLATFORMS
  ruby

DEPENDENCIES
  activesupport
  bundler (~> 1.1.0)
  jeweler (~> 1.8.3)
  mocha (~> 0.10.4)
  nokogiri
  shoulda-context (~> 1.0)
  yard (~> 0.7)
